GEM
  remote: https://rubygems.org/
  specs:
    Ascii85 (1.1.0)
    addressable (2.8.6)
      public_suffix (>= 2.0.2, < 6.0)
    afm (0.2.2)
    async (2.11.0)
      console (~> 1.25, >= 1.25.2)
      fiber-annotation
      io-event (~> 1.5, >= 1.5.1)
      timers (~> 4.1)
    bigdecimal (3.1.8)
    colorator (1.1.0)
    concurrent-ruby (1.2.3)
    console (1.25.2)
      fiber-annotation
      fiber-local (~> 1.1)
      json
    em-websocket (0.5.3)
      eventmachine (>= 0.12.9)
      http_parser.rb (~> 0)
    ethon (0.16.0)
      ffi (>= 1.15.0)
    eventmachine (1.2.7)
    ffi (1.16.3)
    fiber-annotation (0.2.0)
    fiber-local (1.1.0)
      fiber-storage
    fiber-storage (0.1.0)
    forwardable-extended (2.6.0)
    hashery (2.1.2)
    html-proofer (5.0.9)
      addressable (~> 2.3)
      async (~> 2.1)
      nokogiri (~> 1.13)
      pdf-reader (~> 2.11)
      rainbow (~> 3.0)
      typhoeus (~> 1.3)
      yell (~> 2.0)
      zeitwerk (~> 2.5)
    http_parser.rb (0.8.0)
    i18n (1.14.1)
      concurrent-ruby (~> 1.0)
    io-event (1.5.1)
    jekyll (3.9.5)
      addressable (~> 2.4)
      colorator (~> 1.0)
      em-websocket (~> 0.5)
      i18n (>= 0.7, < 2)
      jekyll-sass-converter (~> 1.0)
      jekyll-watch (~> 2.0)
      kramdown (>= 1.17, < 3)
      liquid (~> 4.0)
      mercenary (~> 0.3.3)
      pathutil (~> 0.9)
      rouge (>= 1.7, < 4)
      safe_yaml (~> 1.0)
    jekyll-redirect-from (0.16.0)
      jekyll (>= 3.3, < 5.0)
    jekyll-sass-converter (1.5.2)
      sass (~> 3.4)
    jekyll-watch (2.2.1)
      listen (~> 3.0)
    json (2.7.2)
    kramdown (2.4.0)
      rexml
    kramdown-parser-gfm (1.1.0)
      kramdown (~> 2.0)
    liquid (4.0.4)
    listen (3.8.0)
      rb-fsevent (~> 0.10, >= 0.10.3)
      rb-inotify (~> 0.9, >= 0.9.10)
    mercenary (0.3.6)
    mini_portile2 (2.8.6)
    nokogiri (1.16.4)
      mini_portile2 (~> 2.8.2)
      racc (~> 1.4)
    nokogiri (1.16.4-x86_64-linux)
      racc (~> 1.4)
    pathutil (0.16.2)
      forwardable-extended (~> 2.6)
    pdf-reader (2.12.0)
      Ascii85 (~> 1.0)
      afm (~> 0.2.1)
      hashery (~> 2.0)
      ruby-rc4
      ttfunk
    public_suffix (5.0.5)
    racc (1.7.3)
    rainbow (3.1.1)
    rb-fsevent (0.11.2)
    rb-inotify (0.10.1)
      ffi (~> 1.0)
    rexml (3.2.6)
    rouge (3.30.0)
    ruby-rc4 (0.1.5)
    safe_yaml (1.0.5)
    sass (3.7.4)
      sass-listen (~> 4.0.0)
    sass-listen (4.0.0)
      rb-fsevent (~> 0.9, >= 0.9.4)
      rb-inotify (~> 0.9, >= 0.9.7)
    timers (4.3.5)
    ttfunk (1.8.0)
      bigdecimal (~> 3.1)
    typhoeus (1.4.1)
      ethon (>= 0.9.0)
    webrick (1.7.0)
    yell (2.2.2)
    zeitwerk (2.6.13)

PLATFORMS
  ruby
  x86_64-linux

DEPENDENCIES
  html-proofer (= 5.0.9)
  jekyll (= 3.9.5)
  jekyll-redirect-from
  kramdown-parser-gfm (= 1.1.0)
  webrick (~> 1.7)

RUBY VERSION
   ruby 3.0.4p208

BUNDLED WITH
   2.3.24
